GEM
  remote: https://rubygems.org/
  specs:
    set (1.1.1)

PLATFORMS
  ruby

DEPENDENCIES
  set

BUNDLED WITH
   2.4.19
